GEM
  specs:
    abstract_type (0.0.7)
    adamantium (0.2.0)
      ice_nine (~> 0.11.0)
      memoizable (~> 0.4.0)
    ast (2.1.0)
    astrolabe (1.3.1)
      parser (~> 2.2)
    brakeman (3.1.0)
      erubis (~> 2.6)
      fastercsv (~> 1.5)
      haml (>= 3.0, < 5.0)
      highline (~> 1.6)
      multi_json (~> 1.2)
      ruby2ruby (>= 2.1.1, < 2.3.0)
      ruby_parser (~> 3.7.0)
      sass (~> 3.0)
      slim (>= 1.3.6, < 4.0)
      terminal-table (~> 1.4.5)
    concord (0.1.5)
      adamantium (~> 0.2.0)
      equalizer (~> 0.0.9)
    diff-lcs (1.2.5)
    equalizer (0.0.11)
    erubis (2.7.0)
    fastercsv (1.5.5)
    gitlab (3.4.0)
      httparty
      terminal-table
    haml (4.0.7)
      tilt
    highline (1.7.3)
    httparty (0.13.5)
      json (~> 1.8)
      multi_xml (>= 0.5.2)
    ice_nine (0.11.1)
    json (1.8.3)
    memoizable (0.4.2)
      thread_safe (~> 0.3, >= 0.3.1)
    multi_json (1.11.2)
    multi_xml (0.5.5)
    parser (2.2.2.6)
      ast (>= 1.1, < 3.0)
    powerpack (0.1.1)
    procto (0.0.2)
    rainbow (2.0.0)
    reek (1.6.5)
      parser (~> 2.2.0.pre.7)
      rainbow (>= 1.99, < 3.0)
      unparser (~> 0.2.2)
    rubocop (0.34.1)
      astrolabe (~> 1.3)
      parser (>= 2.2.2.5, < 3.0)
      powerpack (~> 0.1)
      rainbow (>= 1.99.1, < 3.0)
      ruby-progressbar (~> 1.4)
    ruby-progressbar (1.7.5)
    ruby2ruby (2.2.0)
      ruby_parser (~> 3.1)
      sexp_processor (~> 4.0)
    ruby_parser (3.7.1)
      sexp_processor (~> 4.1)
    sass (3.4.18)
    sexp_processor (4.6.0)
    slim (3.0.6)
      temple (~> 0.7.3)
      tilt (>= 1.3.3, < 2.1)
    temple (0.7.6)
    terminal-table (1.4.5)
    thread_safe (0.3.5)
    tilt (2.0.1)
    unparser (0.2.4)
      abstract_type (~> 0.0.7)
      adamantium (~> 0.2.0)
      concord (~> 0.1.5)
      diff-lcs (~> 1.2.5)
      equalizer (~> 0.0.9)
      parser (~> 2.2.2)
      procto (~> 0.0.2)

PLATFORMS
  ruby

DEPENDENCIES
  brakeman
  gitlab
  reek
  rubocop

BUNDLED WITH
   1.10.6
